GIT
  remote: git@github.com:opscode/test-kitchen.git
  revision: b1bab8eec464e3871928b4b6dbbe54417bd3697f
  specs:
    test-kitchen (1.0.0.dev)
      celluloid
      mixlib-shellout
      net-scp
      net-ssh
      pry
      safe_yaml (~> 0.9.3)
      thor

GEM
  remote: http://rubygems.org/
  specs:
    activesupport (4.0.0)
      i18n (~> 0.6, >= 0.6.4)
      minitest (~> 4.2)
      multi_json (~> 1.3)
      thread_safe (~> 0.1)
      tzinfo (~> 0.3.37)
    addressable (2.3.5)
    akami (1.2.0)
      gyoku (>= 0.4.0)
      nokogiri (>= 1.4.0)
    atomic (1.1.10)
    aws-sdk (1.15.0)
      json (~> 1.4)
      nokogiri (< 1.6.0)
      uuidtools (~> 2.1)
    berkshelf (1.4.6)
      activesupport (>= 3.2.0)
      addressable
      celluloid (>= 0.14.0)
      chozo (>= 0.6.1)
      faraday (>= 0.8.5)
      hashie (>= 2.0.2)
      json (>= 1.5.0)
      minitar
      mixlib-config (~> 1.1)
      mixlib-shellout (~> 1.1)
      multi_json (~> 1.5)
      retryable
      ridley (~> 0.12.4)
      solve (>= 0.4.2)
      thor (~> 0.18.0)
      yajl-ruby
    builder (3.2.2)
    bunny (0.7.9)
    celluloid (0.14.1)
      timers (>= 1.0.0)
    chef (10.20.0)
      bunny (>= 0.6.0, < 0.8.0)
      erubis
      highline (>= 1.6.9)
      json (~> 1.7.6, >= 1.4.4)
      mixlib-authentication (>= 1.3.0)
      mixlib-cli (>= 1.1.0)
      mixlib-config (>= 1.1.2)
      mixlib-log (>= 1.3.0)
      mixlib-shellout
      moneta (< 0.7.0)
      net-ssh (~> 2.6)
      net-ssh-multi (~> 1.1.0)
      ohai (>= 0.6.0)
      rest-client (>= 1.0.4, < 1.7.0)
      treetop (~> 1.4.9)
      uuidtools
      yajl-ruby (~> 1.1)
    chozo (0.6.1)
      activesupport (>= 3.2.0)
      hashie (>= 2.0.2)
      multi_json (>= 1.3.0)
    coderay (1.0.9)
    diff-lcs (1.2.4)
    erubis (2.7.0)
    faraday (0.8.8)
      multipart-post (~> 1.2.0)
    ffi (1.9.0)
    foodcritic (2.2.0)
      erubis
      gherkin (~> 2.11.7)
      nokogiri (~> 1.5.4)
      treetop (~> 1.4.10)
      yajl-ruby (~> 1.1.0)
    gherkin (2.11.8)
      multi_json (~> 1.3)
    gssapi (1.0.3)
      ffi (>= 1.0.1)
    gyoku (1.1.0)
      builder (>= 2.1.2)
    hashie (2.0.5)
    highline (1.6.19)
    httpclient (2.2.0.2)
    httpi (0.9.7)
      rack
    i18n (0.6.4)
    ipaddress (0.8.0)
    json (1.7.7)
    kitchen-vagrant (0.11.0)
      test-kitchen (~> 1.0.0.beta.1)
    little-plugger (1.1.3)
    logging (1.6.2)
      little-plugger (>= 1.1.3)
    method_source (0.8.2)
    mime-types (1.23)
    minitar (0.5.4)
    minitest (4.7.5)
    mixlib-authentication (1.3.0)
      mixlib-log
    mixlib-cli (1.3.0)
    mixlib-config (1.1.2)
    mixlib-log (1.6.0)
    mixlib-shellout (1.2.0)
    moneta (0.6.0)
    multi_json (1.7.7)
    multipart-post (1.2.0)
    net-http-persistent (2.9)
    net-scp (1.1.2)
      net-ssh (>= 2.6.5)
    net-ssh (2.6.8)
    net-ssh-gateway (1.2.0)
      net-ssh (>= 2.6.5)
    net-ssh-multi (1.1)
      net-ssh (>= 2.1.4)
      net-ssh-gateway (>= 0.99.0)
    nokogiri (1.5.10)
    nori (1.1.5)
    ohai (6.18.0)
      ipaddress
      mixlib-cli
      mixlib-config
      mixlib-log
      mixlib-shellout
      systemu
      yajl-ruby
    polyglot (0.3.3)
    pry (0.9.12.2)
      coderay (~> 1.0.5)
      method_source (~> 0.8)
      slop (~> 3.4)
    rack (1.5.2)
    rest-client (1.6.7)
      mime-types (>= 1.16)
    retryable (1.3.3)
    ridley (0.12.4)
      addressable
      celluloid (~> 0.14.0)
      chozo (>= 0.6.0)
      erubis
      faraday (>= 0.8.4)
      hashie (>= 2.0.2)
      mixlib-authentication (>= 1.3.0)
      mixlib-config (>= 1.1.0)
      mixlib-log (>= 1.3.0)
      mixlib-shellout (>= 1.1.0)
      net-http-persistent (>= 2.8)
      net-ssh
      retryable
      solve (>= 0.4.4)
      winrm (~> 1.1.0)
    rspec (2.14.1)
      rspec-core (~> 2.14.0)
      rspec-expectations (~> 2.14.0)
      rspec-mocks (~> 2.14.0)
    rspec-core (2.14.4)
    rspec-expectations (2.14.0)
      diff-lcs (>= 1.1.3, < 2.0)
    rspec-mocks (2.14.2)
    rubyntlm (0.1.1)
    safe_yaml (0.9.4)
    savon (0.9.5)
      akami (~> 1.0)
      builder (>= 2.1.2)
      gyoku (>= 0.4.0)
      httpi (~> 0.9)
      nokogiri (>= 1.4.0)
      nori (~> 1.0)
      wasabi (~> 1.0)
    slop (3.4.6)
    solve (0.8.0)
    systemu (2.5.2)
    thor (0.18.1)
    thor-foodcritic (0.1.2)
      foodcritic
      thor
    thread_safe (0.1.2)
      atomic
    timers (1.1.0)
    treetop (1.4.14)
      polyglot
      polyglot (>= 0.3.1)
    tzinfo (0.3.37)
    uuidtools (2.1.4)
    wasabi (1.0.0)
      nokogiri (>= 1.4.0)
    winrm (1.1.2)
      gssapi (~> 1.0.0)
      httpclient (~> 2.2.0.2)
      logging (~> 1.6.1)
      nokogiri (~> 1.5.0)
      rubyntlm (~> 0.1.1)
      savon (= 0.9.5)
      uuidtools (~> 2.1.2)
    yajl-ruby (1.1.0)

PLATFORMS
  ruby

DEPENDENCIES
  aws-sdk (= 1.15.0)
  berkshelf (~> 1.4.0)
  chef (~> 10.18)
  kitchen-vagrant
  rspec
  test-kitchen!
  thor-foodcritic (~> 0.1.2)
